PATH
  remote: .
  specs:
    authlogic (2.1.8)
      activerecord (~> 2.3.0)
      activesupport (~> 2.3.0)

GEM
  remote: http://rubygems.org/
  specs:
    activerecord (2.3.14)
      activesupport (= 2.3.14)
    activesupport (2.3.14)
    bcrypt-ruby (3.0.1)
    rake (0.9.2.2)
    sqlite3 (1.3.6)

PLATFORMS
  ruby

DEPENDENCIES
  authlogic!
  bcrypt-ruby
  rake
  sqlite3
